GIT
  remote: https://github.com/mbleigh/acts-as-taggable-on.git
  revision: 9bb57384398cd3e198c893b0345c7b26e3b5ad5e
  ref: 9bb57384
  specs:
    acts-as-taggable-on (4.0.0)
      activerecord (>= 4.0)

GIT
  remote: https://gitlab.com/grauwoelfchen/locker_room.git
  revision: 31775ef17a092224e3584933e4cf31c36b16305c
  specs:
    locker_room (0.0.1)
      apartment (>= 1.2.0)
      bcrypt (= 3.1.10)
      braintree (>= 2.70.0)
      enum_accessor (>= 2.3.0)
      houser (>= 2.0.0)
      pg (>= 0.18)
      rails (>= 5.0.1)
      warden (>= 1.2.6)

GEM
  remote: https://rubygems.org/
  specs:
    actioncable (5.1.0)
      actionpack (= 5.1.0)
      nio4r (~> 2.0)
      websocket-driver (~> 0.6.1)
    actionmailer (5.1.0)
      actionpack (= 5.1.0)
      actionview (= 5.1.0)
      activejob (= 5.1.0)
      mail (~> 2.5, >= 2.5.4)
      rails-dom-testing (~> 2.0)
    actionpack (5.1.0)
      actionview (= 5.1.0)
      activesupport (= 5.1.0)
      rack (~> 2.0)
      rack-test (~> 0.6.3)
      rails-dom-testing (~> 2.0)
      rails-html-sanitizer (~> 1.0, >= 1.0.2)
    actionview (5.1.0)
      activesupport (= 5.1.0)
      builder (~> 3.1)
      erubi (~> 1.4)
      rails-dom-testing (~> 2.0)
      rails-html-sanitizer (~> 1.0, >= 1.0.3)
    active_link_to (1.0.4)
      actionpack
      addressable
    activejob (5.1.0)
      activesupport (= 5.1.0)
      globalid (>= 0.3.6)
    activemodel (5.1.0)
      activesupport (= 5.1.0)
    activerecord (5.1.0)
      activemodel (= 5.1.0)
      activesupport (= 5.1.0)
      arel (~> 8.0)
    activesupport (5.1.0)
      concurrent-ruby (~> 1.0, >= 1.0.2)
      i18n (~> 0.7)
      minitest (~> 5.1)
      tzinfo (~> 1.1)
    addressable (2.5.1)
      public_suffix (~> 2.0, >= 2.0.2)
    apartment (1.2.0)
      activerecord (>= 3.1.2, < 6.0)
      rack (>= 1.3.6)
    arel (8.0.0)
    awesome_print (1.7.0)
    bcrypt (3.1.10)
    braintree (2.74.0)
      builder (>= 2.0.0)
    browserify-rails (4.2.0)
      addressable (>= 2.4.0)
      railties (>= 4.0.0, < 5.2)
      sprockets (>= 3.6.0)
    builder (3.2.3)
    capybara (2.13.0)
      addressable
      mime-types (>= 1.16)
      nokogiri (>= 1.3.3)
      rack (>= 1.0.0)
      rack-test (>= 0.5.4)
      xpath (~> 2.0)
    cliver (0.3.2)
    codeclimate-test-reporter (1.0.8)
      simplecov (<= 0.13)
    coderay (1.1.1)
    concurrent-ruby (1.0.5)
    connection_pool (2.2.1)
    countries (2.0.8)
      i18n_data (~> 0.7.0)
      money (~> 6.7)
      sixarm_ruby_unaccent (~> 1.1)
      unicode_utils (~> 1.4)
    country_select (3.0.0)
      countries (~> 2.0)
      sort_alphabetical (~> 1.0)
    database_cleaner (1.5.3)
    docile (1.1.5)
    enum_accessor (2.3.0)
      activesupport (>= 3.0.0)
    erubi (1.6.0)
    execjs (2.7.0)
    fake_braintree (0.8.0)
      activesupport
      braintree (~> 2.32)
      capybara (>= 2.2.0)
      sinatra
    foreman (0.84.0)
      thor (~> 0.19.1)
    friendly_id (5.2.1)
      activerecord (>= 4.0.0)
    globalid (0.4.0)
      activesupport (>= 4.2.0)
    gretel (3.0.9)
      rails (>= 3.1.0)
    houser (2.0.0)
      rack
    i18n (0.8.1)
    i18n_data (0.7.0)
    jbuilder (2.6.3)
      activesupport (>= 3.0.0, < 5.2)
      multi_json (~> 1.2)
    json (1.8.6)
    kaminari (1.0.1)
      activesupport (>= 4.1.0)
      kaminari-actionview (= 1.0.1)
      kaminari-activerecord (= 1.0.1)
      kaminari-core (= 1.0.1)
    kaminari-actionview (1.0.1)
      actionview
      kaminari-core (= 1.0.1)
    kaminari-activerecord (1.0.1)
      activerecord
      kaminari-core (= 1.0.1)
    kaminari-core (1.0.1)
    loofah (2.0.3)
      nokogiri (>= 1.5.9)
    mail (2.6.5)
      mime-types (>= 1.16, < 4)
    method_source (0.8.2)
    mime-types (3.1)
      mime-types-data (~> 3.2015)
    mime-types-data (3.2016.0521)
    mini_portile2 (2.1.0)
    minitest (5.10.1)
    minitest-capybara (0.8.2)
      capybara (~> 2.2)
      minitest (~> 5.0)
      rake
    minitest-metadata (0.6.0)
      minitest (>= 4.7, < 6.0)
    minitest-rails (3.0.0)
      minitest (~> 5.8)
      railties (~> 5.0)
    minitest-rails-capybara (3.0.1)
      capybara (~> 2.7)
      minitest-capybara (~> 0.8)
      minitest-metadata (~> 0.6)
      minitest-rails (~> 3.0)
    money (6.9.0)
      i18n (>= 0.6.4, < 0.9)
    multi_json (1.12.1)
    mustermann (1.0.0.beta2)
    nio4r (2.0.0)
    nokogiri (1.7.1)
      mini_portile2 (~> 2.1.0)
    pg (0.20.0)
    poltergeist (1.14.0)
      capybara (~> 2.1)
      cliver (~> 0.3.1)
      websocket-driver (>= 0.2.0)
    pry (0.10.4)
      coderay (~> 1.1.0)
      method_source (~> 0.8.1)
      slop (~> 3.4)
    pry-remote (0.1.8)
      pry (~> 0.9)
      slop (~> 3.0)
    public_activity (1.5.0)
      actionpack (>= 3.0.0)
      activerecord (>= 3.0)
      i18n (>= 0.5.0)
      railties (>= 3.0.0)
    public_suffix (2.0.5)
    puma (3.8.2)
    rack (2.0.1)
    rack-protection (2.0.0.beta2)
      rack
    rack-test (0.6.3)
      rack (>= 1.0)
    rails (5.1.0)
      actioncable (= 5.1.0)
      actionmailer (= 5.1.0)
      actionpack (= 5.1.0)
      actionview (= 5.1.0)
      activejob (= 5.1.0)
      activemodel (= 5.1.0)
      activerecord (= 5.1.0)
      activesupport (= 5.1.0)
      bundler (>= 1.3.0, < 2.0)
      railties (= 5.1.0)
      sprockets-rails (>= 2.0.0)
    rails-controller-testing (1.0.1)
      actionpack (~> 5.x)
      actionview (~> 5.x)
      activesupport (~> 5.x)
    rails-dom-testing (2.0.2)
      activesupport (>= 4.2.0, < 6.0)
      nokogiri (~> 1.6)
    rails-html-sanitizer (1.0.3)
      loofah (~> 2.0)
    rails-i18n (5.0.3)
      i18n (~> 0.7)
      railties (~> 5.0)
    railties (5.1.0)
      actionpack (= 5.1.0)
      activesupport (= 5.1.0)
      method_source
      rake (>= 0.8.7)
      thor (>= 0.18.1, < 2.0)
    rake (12.0.0)
    rdoc (4.3.0)
    redcarpet (3.4.0)
    sdoc (0.4.2)
      json (~> 1.7, >= 1.7.7)
      rdoc (~> 4.0)
    simplecov (0.13.0)
      docile (~> 1.1.0)
      json (>= 1.8, < 3)
      simplecov-html (~> 0.10.0)
    simplecov-html (0.10.0)
    sinatra (2.0.0.beta2)
      mustermann (= 1.0.0.beta2)
      rack (~> 2.0)
      rack-protection (= 2.0.0.beta2)
      tilt (~> 2.0)
    sixarm_ruby_unaccent (1.1.1)
    slim (3.0.7)
      temple (~> 0.7.6)
      tilt (>= 1.3.3, < 2.1)
    slim-rails (3.1.2)
      actionpack (>= 3.1)
      railties (>= 3.1)
      slim (~> 3.0)
    slop (3.6.0)
    sort_alphabetical (1.1.0)
      unicode_utils (>= 1.2.2)
    spring (2.0.1)
      activesupport (>= 4.2)
    sprockets (3.7.1)
      concurrent-ruby (~> 1.0)
      rack (> 1, < 3)
    sprockets-rails (3.2.0)
      actionpack (>= 4.0)
      activesupport (>= 4.0)
      sprockets (>= 3.0.0)
    stylus (1.0.2)
      execjs
      stylus-source
    stylus-source (0.54.5)
    tapp (1.5.0)
      thor
    tapp-awesome_print (1.0.1)
      awesome_print
      tapp (>= 1.5.0)
    temple (0.7.7)
    thor (0.19.4)
    thread_safe (0.3.6)
    tilt (2.0.7)
    tzinfo (1.2.3)
      thread_safe (~> 0.1)
    uglifier (3.2.0)
      execjs (>= 0.3.0, < 3)
    unicode_utils (1.4.0)
    warden (1.2.7)
      rack (>= 1.0)
    websocket-driver (0.6.5)
      websocket-extensions (>= 0.1.0)
    websocket-extensions (0.1.2)
    xpath (2.0.0)
      nokogiri (~> 1.3)

PLATFORMS
  ruby

DEPENDENCIES
  active_link_to
  acts-as-taggable-on!
  browserify-rails
  codeclimate-test-reporter
  connection_pool
  countries
  country_select
  database_cleaner
  fake_braintree
  foreman
  friendly_id
  gretel
  jbuilder
  kaminari
  locker_room!
  minitest (~> 5.10.1)
  minitest-rails-capybara
  pg
  poltergeist
  pry
  pry-remote
  public_activity
  puma
  rails (~> 5.1.0)
  rails-controller-testing
  rails-i18n (~> 5.0.0)
  redcarpet
  sdoc (~> 0.4.2)
  sinatra (= 2.0.0.beta2)
  slim
  slim-rails
  spring
  stylus
  tapp-awesome_print
  uglifier

RUBY VERSION
   ruby 2.4.1p111

BUNDLED WITH
   1.13.7
